GEM
  remote: https://rubygems.org/
  specs:
    docx (0.5.0)
      nokogiri (~> 1.10, >= 1.10.4)
      rubyzip (~> 2.0)
    mail (2.7.1)
      mini_mime (>= 0.1.1)
    mini_mime (1.0.2)
    mini_portile2 (2.4.0)
    mustermann (1.1.1)
      ruby2_keywords (~> 0.0.1)
    nokogiri (1.10.9)
      mini_portile2 (~> 2.4.0)
    nokogiri (1.10.9-x64-mingw32)
      mini_portile2 (~> 2.4.0)
    rack (2.2.3)
    rack-protection (2.0.8.1)
      rack
    ruby2_keywords (0.0.2)
    rubyzip (2.3.0)
    sinatra (2.0.8.1)
      mustermann (~> 1.0)
      rack (~> 2.0)
      rack-protection (= 2.0.8.1)
      tilt (~> 2.0)
    tilt (2.0.10)

PLATFORMS
  ruby
  x64-mingw32

DEPENDENCIES
  docx
  mail
  sinatra

BUNDLED WITH
   1.17.2
